GEM
  remote: http://rubygems.org/
  specs:
    actionmailer (2.3.11)
      actionpack (= 2.3.11)
    actionpack (2.3.11)
      activesupport (= 2.3.11)
      rack (~> 1.1.0)
    activerecord (2.3.11)
      activesupport (= 2.3.11)
    activeresource (2.3.11)
      activesupport (= 2.3.11)
    activesupport (2.3.11)
    canonix (0.1.5)
    columnize (0.3.6)
    linecache (0.46)
      rbx-require-relative (> 0.0.4)
    macaddr (1.5.0)
      systemu (>= 2.4.0)
    metaclass (0.0.1)
    mocha (0.10.5)
      metaclass (~> 0.0.1)
    rack (1.1.3)
    rails (2.3.11)
      actionmailer (= 2.3.11)
      actionpack (= 2.3.11)
      activerecord (= 2.3.11)
      activeresource (= 2.3.11)
      activesupport (= 2.3.11)
      rake (>= 0.8.3)
    rake (0.9.2.2)
    rbx-require-relative (0.0.9)
    ruby-debug (0.10.4)
      columnize (>= 0.1)
      ruby-debug-base (~> 0.10.4.0)
    ruby-debug-base (0.10.4)
      linecache (>= 0.3)
    ruby-saml (0.5.2)
      canonix (~> 0.1)
      uuid (~> 2.3)
    shoulda (3.0.1)
      shoulda-context (~> 1.0.0)
      shoulda-matchers (~> 1.0.0)
    shoulda-context (1.0.0)
    shoulda-matchers (1.0.0)
    sqlite3 (1.3.6)
    systemu (2.5.0)
    uuid (2.3.5)
      macaddr (~> 1.0)
    xmlcanonicalizer (0.1.1)

PLATFORMS
  ruby

DEPENDENCIES
  activesupport (~> 2.3.11)
  mocha (~> 0.10.5)
  rails (= 2.3.11)
  rake
  ruby-debug (~> 0.10.4)
  ruby-saml
  shoulda (~> 3.0.1)
  sqlite3
  uuid (~> 2.3.5)
  xmlcanonicalizer (~> 0.1.1)
